GEM
  remote: https://rubygems.org/
  specs:
    bower (0.0.5)
      multi_json
    clap (1.0.0)
    cuba (3.4.0)
      rack
    cutest (1.2.3)
      clap
    daemons (1.2.3)
    dotenv (2.1.0)
    eventmachine (1.0.9.1)
    foreman (0.78.0)
      thor (~> 0.19.1)
    httparty (0.11.0)
      multi_json (~> 1.0)
      multi_xml (>= 0.5.2)
    json (1.8.3)
    mocoso (1.2.2)
    multi_json (1.11.2)
    multi_xml (0.5.5)
    puma (2.15.3)
    rack (1.4.1)
    rack-test (0.6.1)
      rack (>= 1.0)
    shotgun (0.9)
      rack (>= 1.0)
    thin (1.6.4)
      daemons (~> 1.0, >= 1.0.9)
      eventmachine (~> 1.0, >= 1.0.4)
      rack (~> 1.0)
    thor (0.19.1)

PLATFORMS
  ruby

DEPENDENCIES
  bower
  cuba
  cutest
  dotenv
  foreman
  httparty
  json (~> 1.8.3)
  mocoso
  puma
  rack-test
  shotgun
  thin

BUNDLED WITH
   1.11.2
